GIT
  remote: git://github.com/Shopify/active_shipping.git
  revision: 3f11e8a3e2d3e7a21d02d0e0f507ab5a274a1cf3
  specs:
    active_shipping (0.9.13)
      active_utils (>= 1.0.1)
      activesupport (>= 2.3.5)
      builder
      i18n

GIT
  remote: git://github.com/Ynnni/userstamp.git
  revision: 6296a70878c5730580e8ebc76972045a6bd14a30
  specs:
    userstamp (2.0.2)

GIT
  remote: git://github.com/galetahub/simple-captcha.git
  revision: a0c997c109c350b6000a082f6c715bf9c659e4ec
  specs:
    galetahub-simple_captcha (0.1.3)

GIT
  remote: git://github.com/teambox/csv_builder.git
  revision: a93a27775af1124c1ae61a8bdd7fce22cc5c5c97
  specs:
    csv_builder (2.1.0)
      actionpack (>= 3.0.0)

GIT
  remote: git://github.com/technoweenie/acts_as_versioned
  revision: 63b1fc8529d028fae632fe80ec0cb25df56cd76b
  specs:
    acts_as_versioned (0.6.0)
      activerecord (>= 3.0.9)

GIT
  remote: https://github.com/thoughtbot/capybara-webkit.git
  revision: 7bf3c800315ebf90da1f549c028b90306c88c0f2
  specs:
    capybara-webkit (0.14.1)
      capybara (~> 2.0, >= 2.0.2)
      json

GEM
  remote: https://rubygems.org/
  specs:
    RedCloth (4.2.9)
    actionmailer (3.2.21)
      actionpack (= 3.2.21)
      mail (~> 2.5.4)
    actionpack (3.2.21)
      activemodel (= 3.2.21)
      activesupport (= 3.2.21)
      builder (~> 3.0.0)
      erubis (~> 2.7.0)
      journey (~> 1.0.4)
      rack (~> 1.4.5)
      rack-cache (~> 1.2)
      rack-test (~> 0.6.1)
      sprockets (~> 2.2.1)
    active_utils (3.0.0)
      activesupport (>= 3.2)
      i18n
    activemerchant (1.48.0)
      activesupport (>= 3.2.14, < 5.0.0)
      builder (>= 2.1.2, < 4.0.0)
      i18n (>= 0.6.9)
      nokogiri (~> 1.4)
    activemodel (3.2.21)
      activesupport (= 3.2.21)
      builder (~> 3.0.0)
    activerecord (3.2.21)
      activemodel (= 3.2.21)
      activesupport (= 3.2.21)
      arel (~> 3.0.2)
      tzinfo (~> 0.3.29)
    activerecord-import (0.2.9)
      activerecord (~> 3.0)
    activeresource (3.2.21)
      activemodel (= 3.2.21)
      activesupport (= 3.2.21)
    activesupport (3.2.21)
      i18n (~> 0.6, >= 0.6.4)
      multi_json (~> 1.0)
    addressable (2.2.7)
    akami (1.2.0)
      gyoku (>= 0.4.0)
      nokogiri (>= 1.4.0)
    arel (3.0.3)
    ast (2.0.0)
    atomic (1.1.16)
    auto_strip_attributes (2.0.4)
      activerecord (>= 3.0)
    awesome_nested_set (2.1.4)
      activerecord (>= 3.0.0)
    backports (3.3.3)
    bcrypt (3.1.7)
    best_in_place (1.0.6)
      jquery-rails
      rails (~> 3.1)
    bootstrap-multiselect-rails (0.0.4)
      railties (>= 3.2.0, < 5.0)
    bootstrap-sass (3.0.3.0)
      sass (~> 3.2)
    bootstrap-switch-rails (3.3.2)
    bourne (1.4.0)
      mocha (~> 0.13.2)
    breadcrumbs_on_rails (2.2.0)
    bson (1.10.0)
    bson_ext (1.10.0)
      bson (~> 1.10.0)
    builder (3.0.4)
    business_time (0.6.1)
      activesupport (>= 3.1.0)
      tzinfo (~> 0.3.31)
    callsite (0.0.11)
    cancan (1.6.9)
    capistrano (2.11.2)
      highline
      net-scp (>= 1.0.0)
      net-sftp (>= 2.0.0)
      net-ssh (>= 2.0.14)
      net-ssh-gateway (>= 1.1.0)
    capistrano-ext (1.2.1)
      capistrano (>= 1.0.0)
    capybara (2.1.0)
      mime-types (>= 1.16)
      nokogiri (>= 1.3.3)
      rack (>= 1.0.0)
      rack-test (>= 0.5.4)
      xpath (~> 2.0)
    carrierwave (0.6.2)
      activemodel (>= 3.2.0)
      activesupport (>= 3.2.0)
    chronic (0.6.7)
    chronic_duration (0.9.6)
      numerizer (~> 0.1.1)
    coderay (1.1.0)
    coffee-filter (0.1.3)
      coffee-script (>= 2.2.0)
      haml (< 4.0)
    coffee-rails (3.2.2)
      coffee-script (>= 2.2.0)
      railties (~> 3.2.0)
    coffee-script (2.2.0)
      coffee-script-source
      execjs
    coffee-script-source (1.6.3)
    countries (0.9.2)
      currencies (>= 0.4.0)
    currencies (0.4.0)
    daemons (1.1.8)
    database_cleaner (0.7.1)
    databasedotcom (1.3.2)
      activesupport
      json
      multipart-post (~> 1.1)
    deep_cloneable (1.4.1)
      rails
    delayed_job (3.0.1)
      activesupport (~> 3.0)
    delayed_job_active_record (0.3.2)
      activerecord (> 2.1.0)
      delayed_job (~> 3.0.0)
    delayed_job_web (1.1.0)
      activerecord (> 3.0.0)
      delayed_job (> 2.0.3)
      haml (~> 3.1.3)
      rdoc
      sinatra (>= 0.9.2)
    descendants_tracker (0.0.1)
    devise (3.2.4)
      bcrypt (~> 3.0)
      orm_adapter (~> 0.1)
      railties (>= 3.2.6, < 5)
      thread_safe (~> 0.1)
      warden (~> 1.2.3)
    devise-encryptable (0.1.2)
      devise (>= 2.1.0)
    diff-lcs (1.2.5)
    em-websocket (0.3.6)
      addressable (>= 2.1.1)
      eventmachine (>= 0.12.9)
    erubis (2.7.0)
    eventmachine (0.12.10)
    exception_notification (2.6.1)
      actionmailer (>= 3.0.4)
    execjs (1.3.0)
      multi_json (~> 1.0)
    factory_girl (4.2.0)
      activesupport (>= 3.0.0)
    factory_girl_rails (4.2.1)
      factory_girl (~> 4.2.0)
      railties (>= 3.0.0)
    faker (1.2.0)
      i18n (~> 0.5)
    faraday (0.9.1)
      multipart-post (>= 1.2, < 3)
    ffi (1.0.11)
    font-awesome-sass (4.0.2)
      sass-rails (>= 3.1.1)
    formatador (0.2.4)
    fuubar (1.0.0)
      rspec (~> 2.0)
      rspec-instafail (~> 0.2.0)
      ruby-progressbar (~> 0.0.10)
    geocoder (1.2.8)
    globalize (3.1.0)
      activemodel (>= 3.1.0, < 4.0.0)
      activerecord (>= 3.1.0, < 4.0.0)
    globalize-accessors (0.1.5)
      globalize (>= 3)
    globalize-validations (0.0.4)
      globalize (>= 3)
      globalize-accessors (~> 0.1)
    globalize3 (0.3.0)
      activemodel (>= 3.0.0)
      activerecord (>= 3.0.0)
      paper_trail (~> 2)
    grape (0.5.0)
      activesupport
      builder
      hashie (>= 1.2.0)
      multi_json (>= 1.3.2)
      multi_xml (>= 0.5.2)
      rack (>= 1.3.0)
      rack-accept
      rack-mount
      virtus
    grape-rabl (0.2.0)
      grape (~> 0.3)
      i18n
      rabl
      tilt
    guard (1.7.0)
      formatador (>= 0.2.4)
      listen (>= 0.6.0)
      lumberjack (>= 1.0.2)
      pry (>= 0.9.10)
      thor (>= 0.14.6)
    guard-ctags-bundler (0.0.5)
      guard (>= 0.4.0)
    guard-livereload (0.4.2)
      em-websocket (>= 0.2.0)
      guard (>= 0.10.0)
      multi_json (~> 1.0)
    gyoku (0.4.6)
      builder (>= 2.1.2)
    haml (3.1.8)
    haml-rails (0.3.4)
      actionpack (~> 3.0)
      activesupport (~> 3.0)
      haml (~> 3.0)
      railties (~> 3.0)
    handsoap (1.1.8)
    has_scope (0.6.0.rc)
      actionpack (>= 3.2, < 5)
      activesupport (>= 3.2, < 5)
    hashie (2.0.5)
    highline (1.6.11)
    hike (1.2.3)
    hpricot (0.8.6)
    httmultiparty (0.3.16)
      httparty (>= 0.7.3)
      mimemagic
      multipart-post
    httparty (0.13.3)
      json (~> 1.8)
      multi_xml (>= 0.5.2)
    httpi (1.1.1)
      rack
    i18n (0.6.11)
    inherited_resources (1.6.0)
      actionpack (>= 3.2, < 5)
      has_scope (~> 0.6.0.rc)
      railties (>= 3.2, < 5)
      responders
    jira-ruby (0.0.3)
      activesupport
      oauth
      railties
    jiraSOAP (0.10.7)
      handsoap (~> 1.1.8)
      nokogiri (~> 1.5.0)
    journey (1.0.4)
    jquery-rails (2.0.3)
      railties (>= 3.1.0, < 5.0)
      thor (~> 0.14)
    json (1.8.2)
    jwt (1.4.0)
    kaminari (0.14.1)
      actionpack (>= 3.0.0)
      activesupport (>= 3.0.0)
    kgio (2.7.2)
    launchy (2.1.0)
      addressable (~> 2.2.6)
    libnotify (0.7.2)
    libv8 (3.3.10.4)
    listen (0.7.3)
    lumberjack (1.0.3)
    mail (2.5.4)
      mime-types (~> 1.16)
      treetop (~> 1.4.8)
    memcache-client (1.8.5)
    meta_request (0.3.4)
      callsite (~> 0.0, >= 0.0.11)
      rack-contrib (~> 1.1)
      railties (>= 3.0.0, < 5.0.0)
    metaclass (0.0.1)
    method_source (0.8.2)
    mime-types (1.25.1)
    mimemagic (0.3.0)
    mocha (0.13.3)
      metaclass (~> 0.0.1)
    money (4.0.2)
      i18n (~> 0.4)
      json
    mongo (1.10.0)
      bson (~> 1.10.0)
    mongo_mapper (0.12.0)
      activemodel (~> 3.0)
      activesupport (~> 3.0)
      plucky (~> 0.5.2)
    multi_json (1.11.0)
    multi_xml (0.5.5)
    multipart-post (1.2.0)
    mysql2 (0.3.16)
    net-scp (1.0.4)
      net-ssh (>= 1.99.1)
    net-sftp (2.0.5)
      net-ssh (>= 2.0.9)
    net-ssh (2.3.0)
    net-ssh-gateway (1.1.0)
      net-ssh (>= 1.99.1)
    nokogiri (1.5.11)
    nori (1.1.2)
    numerizer (0.1.1)
    oauth (0.4.5)
    oauth2 (1.0.0)
      faraday (>= 0.8, < 0.10)
      jwt (~> 1.0)
      multi_json (~> 1.3)
      multi_xml (~> 0.5)
      rack (~> 1.2)
    omniauth (1.2.2)
      hashie (>= 1.2, < 4)
      rack (~> 1.0)
    omniauth-google-oauth2 (0.2.6)
      omniauth (> 1.0)
      omniauth-oauth2 (~> 1.1)
    omniauth-oauth2 (1.2.0)
      faraday (>= 0.8, < 0.10)
      multi_json (~> 1.3)
      oauth2 (~> 1.0)
      omniauth (~> 1.2)
    orm_adapter (0.5.0)
    paper_trail (2.7.2)
      activerecord (~> 3.0)
      railties (~> 3.0)
    parser (2.1.9)
      ast (>= 1.1, < 3.0)
      slop (~> 3.4, >= 3.4.5)
    paypal-report (0.1.2)
      builder (>= 2.1.2)
    pdf-core (0.2.5)
    phony (1.9.0)
    phony_rails (0.2.0)
      activerecord (>= 3.0)
      countries (>= 0.8.2)
      phony (>= 1.7.7)
    plucky (0.5.2)
      mongo (~> 1.5)
    polyamorous (0.6.4)
      activerecord (>= 3.0)
    polyglot (0.3.5)
    powerpack (0.0.9)
    prawn (1.2.1)
      pdf-core (~> 0.2.5)
      ttfunk (~> 1.2.0)
    prawn-table (0.1.0)
    prawn_rails (0.0.8)
      prawn (>= 0.11.1)
      rails (>= 3.0.0)
    pry (0.9.12.6)
      coderay (~> 1.0)
      method_source (~> 0.8)
      slop (~> 3.4)
    pry-rails (0.3.2)
      pry (>= 0.9.10)
    rabl (0.8.6)
      activesupport (>= 2.3.14)
    rack (1.4.5)
    rack-accept (0.4.5)
      rack (>= 0.4)
    rack-cache (1.2)
      rack (>= 0.4)
    rack-contrib (1.2.0)
      rack (>= 0.9.1)
    rack-mount (0.8.3)
      rack (>= 1.0.0)
    rack-protection (1.2.0)
      rack
    rack-ssl (1.3.4)
      rack
    rack-test (0.6.3)
      rack (>= 1.0)
    rails (3.2.21)
      actionmailer (= 3.2.21)
      actionpack (= 3.2.21)
      activerecord (= 3.2.21)
      activeresource (= 3.2.21)
      activesupport (= 3.2.21)
      bundler (~> 1.0)
      railties (= 3.2.21)
    rails3-jquery-autocomplete (1.0.6)
      rails (~> 3.0)
    rails3_acts_as_paranoid (0.2.5)
      activerecord (~> 3.2)
    railties (3.2.21)
      actionpack (= 3.2.21)
      activesupport (= 3.2.21)
      rack-ssl (~> 1.3.2)
      rake (>= 0.8.7)
      rdoc (~> 3.4)
      thor (>= 0.14.6, < 2.0)
    rainbow (2.0.0)
    raindrops (0.8.0)
    rake (10.4.2)
    ransack (1.1.0)
      actionpack (>= 3.0)
      activerecord (>= 3.0)
      polyamorous (~> 0.6.0)
    rb-inotify (0.9.0)
      ffi (>= 0.5.0)
    rdoc (3.12.2)
      json (~> 1.4)
    responders (1.1.2)
      railties (>= 3.2, < 4.2)
    rmagick (2.13.2)
    roxml (3.3.1)
      activesupport (>= 2.3.0)
      nokogiri (>= 1.3.3)
    rspec (2.13.0)
      rspec-core (~> 2.13.0)
      rspec-expectations (~> 2.13.0)
      rspec-mocks (~> 2.13.0)
    rspec-core (2.13.1)
    rspec-expectations (2.13.0)
      diff-lcs (>= 1.1.3, < 2.0)
    rspec-instafail (0.2.4)
    rspec-mocks (2.13.1)
    rspec-rails (2.13.0)
      actionpack (>= 3.0)
      activesupport (>= 3.0)
      railties (>= 3.0)
      rspec-core (~> 2.13.0)
      rspec-expectations (~> 2.13.0)
      rspec-mocks (~> 2.13.0)
    rubocop (0.18.1)
      json (>= 1.7.7, < 2)
      parser (~> 2.1.3)
      powerpack (~> 0.0.6)
      rainbow (>= 1.99.1, < 3.0)
    ruby-ole (1.2.11.8)
    ruby-progressbar (0.0.10)
    ruby-units (1.4.2)
    ruby_parser (2.3.1)
      sexp_processor (~> 3.0)
    rubyzoho (0.2.0)
      activemodel
      httmultiparty
      multipart-post
      roxml
    rvm-capistrano (1.2.2)
      capistrano (>= 2.0.0)
    sanitize (2.0.3)
      nokogiri (>= 1.4.4, < 1.6)
    sass (3.2.19)
    sass-rails (3.2.6)
      railties (~> 3.2.0)
      sass (>= 3.1.10)
      tilt (~> 1.3)
    savon (1.1.0)
      akami (~> 1.2.0)
      builder (>= 2.1.2)
      gyoku (~> 0.4.5)
      httpi (~> 1.1.0)
      nokogiri (>= 1.4.0)
      nori (~> 1.1.0)
      wasabi (~> 2.5.0)
    sexp_processor (3.1.0)
    shoulda-matchers (1.5.6)
      activesupport (>= 3.0.0)
      bourne (~> 1.3)
    simple-navigation (3.11.0)
      activesupport (>= 2.3.2)
    sinatra (1.3.2)
      rack (~> 1.3, >= 1.3.6)
      rack-protection (~> 1.2)
      tilt (~> 1.3, >= 1.3.3)
    slop (3.5.0)
    spreadsheet (1.0.3)
      ruby-ole (>= 1.0)
    spring (1.1.3)
    spring-commands-rspec (1.0.2)
      spring (>= 0.9.1)
    sprockets (2.2.3)
      hike (~> 1.2)
      multi_json (~> 1.0)
      rack (~> 1.0)
      tilt (~> 1.1, != 1.3.0)
    therubyracer (0.9.10)
      libv8 (~> 3.3.10)
    thor (0.19.1)
    thread_safe (0.3.1)
      atomic (>= 1.1.7, < 2)
    tilt (1.4.1)
    timeliness (0.3.7)
    timezone (0.1.5)
    treetop (1.4.15)
      polyglot
      polyglot (>= 0.3.1)
    ttfunk (1.2.0)
    tzinfo (0.3.43)
    uglifier (1.2.3)
      execjs (>= 0.3.0)
      multi_json (>= 1.0.2)
    unicorn (4.2.0)
      kgio (~> 2.6)
      rack
      raindrops (~> 0.7)
    useragent (0.10.0)
    validates_existence (0.7.1)
    validates_phone_number (2.0.1)
    validates_timeliness (3.0.14)
      timeliness (~> 0.3.6)
    virtus (0.5.5)
      backports (~> 3.3)
      descendants_tracker (~> 0.0.1)
    warden (1.2.3)
      rack (>= 1.0)
    wasabi (2.5.0)
      httpi (~> 1.0)
      nokogiri (>= 1.4.0)
    whenever (0.7.3)
      activesupport (>= 2.3.4)
      chronic (~> 0.6.3)
    wicked (0.1.5)
      activesupport (>= 3.0.7)
      rails (>= 3.0.7)
    wicked_pdf (0.11.0)
      rails
    wirble (0.1.3)
    xpath (2.0.0)
      nokogiri (~> 1.3)

PLATFORMS
  ruby

DEPENDENCIES
  RedCloth
  active_shipping!
  activemerchant
  activerecord-import
  acts_as_versioned!
  auto_strip_attributes
  awesome_nested_set
  best_in_place
  bootstrap-multiselect-rails
  bootstrap-sass (~> 3.0.3.0)
  bootstrap-switch-rails
  breadcrumbs_on_rails
  bson_ext
  business_time (>= 0.6.1)
  cancan
  capistrano
  capistrano-ext
  capybara-webkit!
  carrierwave
  chronic
  chronic_duration
  coffee-filter
  coffee-rails
  csv_builder!
  daemons
  database_cleaner
  databasedotcom
  deep_cloneable (~> 1.4.1)
  delayed_job_active_record
  delayed_job_web
  devise
  devise-encryptable
  exception_notification
  factory_girl_rails
  faker
  font-awesome-sass
  fuubar
  galetahub-simple_captcha!
  geocoder
  globalize-accessors
  globalize-validations
  globalize3
  grape
  grape-rabl
  guard-ctags-bundler
  guard-livereload
  haml
  haml-rails
  hashie (~> 2.0.5)
  hpricot
  i18n (~> 0.6.11)
  inherited_resources
  jira-ruby
  jiraSOAP
  jquery-rails (~> 2.0.1)
  kaminari
  launchy
  libnotify
  memcache-client
  meta_request
  money (= 4.0.2)
  mongo_mapper
  mysql2
  omniauth
  omniauth-google-oauth2
  paypal-report
  phony_rails
  prawn-table
  prawn_rails
  pry-rails
  rabl
  rails (~> 3.2)
  rails3-jquery-autocomplete
  rails3_acts_as_paranoid (= 0.2.5)
  ransack
  rb-inotify (~> 0.9)
  rmagick
  rspec-rails
  rubocop
  ruby-units
  ruby_parser
  rubyzoho
  rvm-capistrano
  sanitize
  sass (~> 3.2.0)
  sass-rails
  savon
  shoulda-matchers
  simple-navigation
  spreadsheet
  spring
  spring-commands-rspec
  therubyracer
  timezone
  uglifier
  unicorn
  useragent (~> 0.10.0)
  userstamp!
  validates_existence (>= 0.4)
  validates_phone_number
  validates_timeliness (~> 3.0)
  whenever
  wicked
  wicked_pdf
  wirble
